GEM
  remote: https://rubygems.org/
  specs:
    ast (2.4.0)
    bagit (0.4.2)
      docopt (~> 0.5.0)
      validatable (~> 1.6)
    byebug (10.0.2)
    diff-lcs (1.3)
    docile (1.3.1)
    docopt (0.5.0)
    json (2.1.0)
    parallel (1.12.1)
    parser (2.5.3.0)
      ast (~> 2.4.0)
    pg (1.1.3)
    powerpack (0.1.2)
    rainbow (3.0.0)
    rake (12.3.3)
    rspec (3.8.0)
      rspec-core (~> 3.8.0)
      rspec-expectations (~> 3.8.0)
      rspec-mocks (~> 3.8.0)
    rspec-core (3.8.0)
      rspec-support (~> 3.8.0)
    rspec-expectations (3.8.2)
      diff-lcs (>= 1.2.0, < 2.0)
      rspec-support (~> 3.8.0)
    rspec-mocks (3.8.0)
      diff-lcs (>= 1.2.0, < 2.0)
      rspec-support (~> 3.8.0)
    rspec-support (3.8.0)
    rubocop (0.52.1)
      parallel (~> 1.10)
      parser (>= 2.4.0.2, < 3.0)
      powerpack (~> 0.1)
      rainbow (>= 2.2.2, < 4.0)
      ruby-progressbar (~> 1.7)
      unicode-display_width (~> 1.0, >= 1.0.1)
    ruby-progressbar (1.10.0)
    rubyzip (1.2.2)
    simplecov (0.16.1)
      docile (~> 1.1)
      json (>= 1.8, < 3)
      simplecov-html (~> 0.10.0)
    simplecov-html (0.10.2)
    unicode-display_width (1.4.0)
    validatable (1.6.7)

PLATFORMS
  ruby

DEPENDENCIES
  bagit (~> 0.4.2)
  byebug (~> 10.0.2)
  pg (~> 1.1.3)
  rake (~> 12.3.3)
  rspec (~> 3.8.0)
  rubocop (~> 0.52.1)
  rubyzip (~> 1.2.2)
  simplecov (~> 0.16.1)

BUNDLED WITH
   1.16.4
